GEM
  remote: https://rubygems.org/
  specs:
    byebug (11.1.3)
    colorize (1.1.0)

PLATFORMS
  x86_64-linux

DEPENDENCIES
  byebug
  colorize

BUNDLED WITH
   2.4.13
